PATH
  remote: .
  specs:
    streamly_ffi (0.2.6)
      curl_ffi

GEM
  remote: http://rubygems.org/
  specs:
    curb (0.7.8)
    curl_ffi (0.0.8)
      ffi
    diff-lcs (1.1.2)
    excon (0.2.4)
    ffi (0.6.3)
      rake (>= 0.8.7)
    ffi (0.6.3-java)
    mime-types (1.16)
    rack (1.2.1)
    rake (0.8.7)
    rest-client (1.6.1)
      mime-types (>= 1.16)
    rspec (2.1.0)
      rspec-core (~> 2.1.0)
      rspec-expectations (~> 2.1.0)
      rspec-mocks (~> 2.1.0)
    rspec-core (2.1.0)
    rspec-expectations (2.1.0)
      diff-lcs (~> 1.1.2)
    rspec-mocks (2.1.0)
    sinatra (1.1.0)
      rack (~> 1.1)
      tilt (~> 1.1)
    streamly (0.1.4)
    tilt (1.1)

PLATFORMS
  java
  ruby

DEPENDENCIES
  curb
  curl_ffi
  excon
  rest-client
  rspec
  rspec-core
  sinatra
  streamly
  streamly_ffi!
